PATH
  remote: .
  specs:
    fuelsdk (0.0.6)
      json (~> 1.7)
      jwt (~> 0.1.6)
      savon (= 2.12)

GEM
  remote: https://rubygems.org/
  specs:
    akami (1.3.1)
      gyoku (>= 0.4.0)
      nokogiri
    builder (3.2.4)
    ffi (1.12.2)
    ffi (1.12.2-x86-mingw32)
    guard (0.10.0)
      ffi (>= 0.5.0)
      thor (~> 0.14.6)
    guard-rspec (0.7.3)
      guard (>= 0.10.0)
    gyoku (1.3.1)
      builder (>= 2.1.2)
    httpi (2.4.4)
      rack
      socksify
    json (1.8.6)
    jwt (0.1.13)
      multi_json (>= 1.5)
    mini_portile2 (2.4.0)
    multi_json (1.14.1)
    nokogiri (1.10.9)
      mini_portile2 (~> 2.4.0)
    nokogiri (1.10.9-x86-mingw32)
      mini_portile2 (~> 2.4.0)
    nori (2.6.0)
    rack (2.2.2)
    rake (0.9.6)
    rspec (0.9.4)
    rspec-its (0.0.1.pre)
    savon (2.12.0)
      akami (~> 1.2)
      builder (>= 2.1.2)
      gyoku (~> 1.2)
      httpi (~> 2.3)
      nokogiri (>= 1.8.1)
      nori (~> 2.4)
      wasabi (~> 3.4)
    socksify (1.7.1)
    thor (0.14.6)
    wasabi (3.5.0)
      httpi (~> 2.0)
      nokogiri (>= 1.4.2)

PLATFORMS
  ruby
  x86-mingw32

DEPENDENCIES
  bundler (~> 2.1.4)
  fuelsdk!
  guard (~> 0)
  guard-rspec (~> 0)
  rake (~> 0)
  rspec (~> 0)
  rspec-its

BUNDLED WITH
   2.1.4
